GIT
  remote: https://github.com/datamapper/data_mapper
  revision: 4d565b51d46f736b7092598a5a3d8a6d5361f572
  specs:
    data_mapper (1.3.0.beta)

GIT
  remote: https://github.com/datamapper/dm-active_model.git
  revision: aa8927391fb7db6eadd38d9d7bfbf3d663fd87ac
  specs:
    dm-active_model (1.3.0.beta)
      activemodel (~> 3.0)
      dm-core (~> 1.3.0.beta)

GIT
  remote: https://github.com/datamapper/dm-aggregates
  revision: 68a6f29ab3c663a58eec2b5943e2ce538a9a4a2f
  specs:
    dm-aggregates (1.3.0.beta)
      dm-core (~> 1.3.0.beta)

GIT
  remote: https://github.com/datamapper/dm-constraints
  revision: d3aded2d9269c41562034279b55bab85fbbb1570
  specs:
    dm-constraints (1.3.0.beta)
      dm-core (~> 1.3.0.beta)

GIT
  remote: https://github.com/datamapper/dm-core
  revision: 8510666625e6173b4af02b6d43f3a0ccacb87e74
  specs:
    dm-core (1.3.0.beta)
      addressable (~> 2.2.6)
      virtus (~> 0.5)

GIT
  remote: https://github.com/datamapper/dm-do-adapter
  revision: 5b13be7b63b8ff2869fdb8bdbbc68470bead9993
  specs:
    dm-do-adapter (1.3.0.beta)
      data_objects (~> 0.10.6)
      dm-core (~> 1.3.0.beta)

GIT
  remote: https://github.com/datamapper/dm-migrations
  revision: 8bfcec08286a12ceee1bc3e5a01da3b5b7d4a74d
  specs:
    dm-migrations (1.3.0.beta)
      dm-core (~> 1.3.0.beta)

GIT
  remote: https://github.com/datamapper/dm-observer
  revision: d6d0983ad8ed543c9b98a6c46dbad6f739106af0
  specs:
    dm-observer (1.3.0.beta)
      dm-core (~> 1.3.0.beta)

GIT
  remote: https://github.com/datamapper/dm-postgres-adapter
  revision: c76fb44804a352540f6e435c38e396650eca2ace
  specs:
    dm-postgres-adapter (1.3.0.beta)
      dm-do-adapter (~> 1.3.0.beta)
      do_postgres (~> 0.10.6)

GIT
  remote: https://github.com/datamapper/dm-rails.git
  revision: 5f3fb01a9d5f5adb17665a3bdabffd396d722e61
  specs:
    dm-rails (1.3.0.beta)
      actionpack (~> 3.0)
      dm-active_model (~> 1.3.0.beta)
      railties (~> 3.0)

GIT
  remote: https://github.com/datamapper/dm-serializer
  revision: 1a61a91cba84861958e0ddd27bfa19bc5364c7aa
  specs:
    dm-serializer (1.3.0.beta)
      dm-core (~> 1.3.0.beta)
      fastercsv (~> 1.5.4)
      multi_json (~> 1.3.2)

GIT
  remote: https://github.com/datamapper/dm-sqlite-adapter
  revision: 641cb9bfd761263385097ca9cef8c070f801b3d1
  specs:
    dm-sqlite-adapter (1.3.0.beta)
      dm-do-adapter (~> 1.3.0.beta)
      do_sqlite3 (~> 0.10.6)

GIT
  remote: https://github.com/datamapper/dm-timestamps
  revision: 70b58b365a29a26af62fc580be6c57b97c2770ca
  specs:
    dm-timestamps (1.3.0.beta)
      dm-core (~> 1.3.0.beta)

GIT
  remote: https://github.com/datamapper/dm-transactions
  revision: 0f00dd41a593ea06347c815fedd297b58c5d5d99
  specs:
    dm-transactions (1.3.0.beta)
      dm-core (~> 1.3.0.beta)

GIT
  remote: https://github.com/datamapper/dm-types
  revision: fdb91e4fcddd38ae142c9e70064231ece68e2d7f
  specs:
    dm-types (1.3.0.beta)
      bcrypt-ruby (~> 3.0.0)
      dm-core (~> 1.3.0.beta)
      fastercsv (~> 1.5.4)
      multi_json (~> 1.3.2)
      stringex (~> 1.3.0)
      uuidtools (~> 2.1.2)

GIT
  remote: https://github.com/datamapper/dm-validations.git
  revision: 6da3c28c79c68125cc37c9994f106350570b88e3
  specs:
    dm-validations (1.3.0.beta)
      dm-core (~> 1.3.0.beta)

GIT
  remote: https://github.com/intridea/grape
  revision: 261b40d45700a0c694472e3caa528f70cfe26b82
  specs:
    grape (0.2.1)
      hashie (~> 1.2)
      multi_json
      multi_xml
      rack
      rack-mount
      virtus

GEM
  remote: http://rubygems.org/
  specs:
    actionpack (3.2.6)
      activemodel (= 3.2.6)
      activesupport (= 3.2.6)
      builder (~> 3.0.0)
      erubis (~> 2.7.0)
      journey (~> 1.0.1)
      rack (~> 1.4.0)
      rack-cache (~> 1.2)
      rack-test (~> 0.6.1)
      sprockets (~> 2.1.3)
    activemodel (3.2.6)
      activesupport (= 3.2.6)
      builder (~> 3.0.0)
    activesupport (3.2.6)
      i18n (~> 0.6)
      multi_json (~> 1.0)
    addressable (2.2.8)
    backports (2.6.2)
    bcrypt-ruby (3.0.1)
    bcrypt-ruby (3.0.1-java)
    bouncy-castle-java (1.5.0146.1)
    builder (3.0.0)
    capybara (1.1.2)
      mime-types (>= 1.16)
      nokogiri (>= 1.3.3)
      rack (>= 1.0.0)
      rack-test (>= 0.5.4)
      selenium-webdriver (~> 2.0)
      xpath (~> 0.1.4)
    childprocess (0.3.4)
      ffi (~> 1.0, >= 1.0.6)
    cucumber (1.2.1)
      builder (>= 2.1.2)
      diff-lcs (>= 1.1.3)
      gherkin (~> 2.11.0)
      json (>= 1.4.6)
    data_objects (0.10.8)
      addressable (~> 2.1)
    database_cleaner (0.8.0)
    defined (0.0.2)
    diff-lcs (1.1.3)
    do_jdbc (0.10.8-java)
      data_objects (= 0.10.8)
    do_postgres (0.10.8)
      data_objects (= 0.10.8)
    do_postgres (0.10.8-java)
      data_objects (= 0.10.8)
      do_jdbc (= 0.10.8)
      jdbc-postgres (>= 8.2)
    do_sqlite3 (0.10.8)
      data_objects (= 0.10.8)
    do_sqlite3 (0.10.8-java)
      data_objects (= 0.10.8)
      do_jdbc (= 0.10.8)
      jdbc-sqlite3 (>= 3.5.8)
    erubis (2.7.0)
    factory_girl (3.2.0)
      activesupport (>= 3.0.0)
    fastercsv (1.5.5)
    ffi (1.1.3)
    ffi (1.1.3-java)
    gherkin (2.11.1)
      json (>= 1.4.6)
    gherkin (2.11.1-java)
      json (>= 1.4.6)
    hashie (1.2.0)
    hike (1.2.1)
    i18n (0.6.0)
    jdbc-postgres (9.1.901)
    jdbc-sqlite3 (3.7.2)
    journey (1.0.4)
    jruby-openssl (0.7.6.1)
      bouncy-castle-java (>= 1.5.0146.1)
    json (1.7.3)
    json (1.7.3-java)
    libwebsocket (0.1.5)
      addressable
    little-plugger (1.1.3)
    logging (1.7.2)
      little-plugger (>= 1.1.3)
    micon (0.1.28)
    mime-types (1.19)
    multi_json (1.3.6)
    multi_xml (0.5.1)
    nokogiri (1.5.5)
    nokogiri (1.5.5-java)
    rack (1.4.1)
    rack-cache (1.2)
      rack (>= 0.4)
    rack-mount (0.8.3)
      rack (>= 1.0.0)
    rack-ssl (1.3.2)
      rack
    rack-test (0.6.1)
      rack (>= 1.0)
    railties (3.2.6)
      actionpack (= 3.2.6)
      activesupport (= 3.2.6)
      rack-ssl (~> 1.3.2)
      rake (>= 0.8.7)
      rdoc (~> 3.4)
      thor (>= 0.14.6, < 2.0)
    rake (0.9.2.2)
    rdoc (3.12)
      json (~> 1.4)
    renum (1.3.1)
    rspec (2.11.0)
      rspec-core (~> 2.11.0)
      rspec-expectations (~> 2.11.0)
      rspec-mocks (~> 2.11.0)
    rspec-core (2.11.1)
    rspec-expectations (2.11.1)
      diff-lcs (~> 1.1.3)
    rspec-mocks (2.11.1)
    ruby-debug-ide (0.4.16)
      rake (>= 0.8.1)
    rubydin (6.8.0.1)
      logging (~> 1.7.2)
    rubydin-addons-codemirror (2.2.4.1)
      rubydin (~> 6.8.0.1)
    rubydin-addons-colorpicker (1.1.0.1)
      rubydin (~> 6.8.0.1)
    rubydin-addons-confirmdialog (1.2.0.1)
      rubydin (~> 6.8.0.1)
    rubydin-addons-console (1.1.6.1)
      rubydin (~> 6.8.0.1)
    rubydin-addons-serverpush (1.0.6.1)
      rubydin (~> 6.8.0.1)
    rubydin-addons-wizardsforvaadin (0.4.4.1)
      rubydin (~> 6.8.0.1)
    rubydin-optional-datamapper (6.8.0.1)
      rubydin (~> 6.8.0.1)
    rubydin-optional-di (6.8.0.1)
      micon (~> 0.1.28)
      rubydin (~> 6.8.0.1)
    rubydin-optional-standalone (6.8.0.1)
      rubydin (~> 6.8.0.1)
    rubyzip (0.9.9)
    rufus-scheduler (2.0.17)
      tzinfo (>= 0.3.23)
    selenium-webdriver (2.25.0)
      childprocess (>= 0.2.5)
      libwebsocket (~> 0.1.3)
      multi_json (~> 1.0)
      rubyzip
    simplecov (0.6.4)
      multi_json (~> 1.0)
      simplecov-html (~> 0.5.3)
    simplecov-html (0.5.3)
    sprockets (2.1.3)
      hike (~> 1.2)
      rack (~> 1.0)
      tilt (~> 1.1, != 1.3.0)
    statemachine (2.0.1)
    stringex (1.3.3)
    thor (0.15.4)
    thread_storm (0.7.1)
    tilt (1.3.3)
    tzinfo (0.3.33)
    uuidtools (2.1.3)
    virtus (0.5.1)
      backports (~> 2.6.1)
    xpath (0.1.4)
      nokogiri (~> 1.3)

PLATFORMS
  java

DEPENDENCIES
  capybara (>= 1.1.2)
  cucumber (>= 1.2.1)
  data_mapper (= 1.3.0.beta)!
  database_cleaner (>= 0.8.0)
  defined (~> 0.0.2)
  dm-active_model (= 1.3.0.beta)!
  dm-aggregates (= 1.3.0.beta)!
  dm-constraints (= 1.3.0.beta)!
  dm-core (= 1.3.0.beta)!
  dm-do-adapter (= 1.3.0.beta)!
  dm-migrations (= 1.3.0.beta)!
  dm-observer (= 1.3.0.beta)!
  dm-postgres-adapter (= 1.3.0.beta)!
  dm-rails (= 1.3.0.beta)!
  dm-serializer (= 1.3.0.beta)!
  dm-sqlite-adapter (= 1.3.0.beta)!
  dm-timestamps (= 1.3.0.beta)!
  dm-transactions (= 1.3.0.beta)!
  dm-types (= 1.3.0.beta)!
  dm-validations (= 1.3.0.beta)!
  factory_girl (>= 3.2.0)
  grape (~> 0.2.1)!
  jruby-openssl (~> 0.7.6.1)
  logging (~> 1.7.2)
  micon (~> 0.1.28)
  rake (>= 0.9.2.2)
  renum (~> 1.3.1)
  rspec (>= 2.10.0)
  ruby-debug-ide (>= 0.4.16)
  rubydin (~> 6.8.0.1)
  rubydin-addons-codemirror (~> 2.2.4.1)
  rubydin-addons-colorpicker (~> 1.1.0.1)
  rubydin-addons-confirmdialog (~> 1.2.0.1)
  rubydin-addons-console (~> 1.1.6.1)
  rubydin-addons-serverpush (~> 1.0.6.1)
  rubydin-addons-wizardsforvaadin (~> 0.4.4.1)
  rubydin-optional-datamapper (~> 6.8.0.1)
  rubydin-optional-di (~> 6.8.0.1)
  rubydin-optional-standalone (~> 6.8.0.1)
  rufus-scheduler (~> 2.0.16)
  simplecov (>= 0.6.4)
  statemachine (~> 2.0.1)
  thread_storm (~> 0.7.1)
  virtus (~> 0.5)
